GEM
  remote: http://rubygems.org/
  specs:
    json (1.7.5)
    oauth (0.4.7)

PLATFORMS
  ruby

DEPENDENCIES
  json (~> 1.7.5)
  oauth (~> 0.4.7)
