GEM
  remote: https://rubygems.org/
  specs:
    json (2.3.0)
    oauth (0.4.7)

PLATFORMS
  ruby

DEPENDENCIES
  json (~> 2.3.0)
  oauth (~> 0.4.7)

BUNDLED WITH
   2.1.4
